GEM
  remote: https://rubygems.org/
  specs:
    thor (1.3.1)

PLATFORMS
  ruby
  x86_64-linux

DEPENDENCIES
  thor (~> 1.3)

BUNDLED WITH
   2.5.11
